GEM
  remote: http://rubygems.org/
  specs:
    classifier (1.3.3)
      fast-stemmer (>= 1.0.0)
    coffee-script (2.2.0)
      coffee-script-source
      execjs
    coffee-script-source (1.1.1)
    directory_watcher (1.4.0)
    execjs (1.0.0)
      multi_json (~> 1.0)
    fast-stemmer (1.0.0)
    haml (3.1.1)
    jekyll (0.10.0)
      classifier (>= 1.3.1)
      directory_watcher (>= 1.1.1)
      liquid (>= 1.9.0)
      maruku (>= 0.5.9)
    liquid (2.2.2)
    maruku (0.6.0)
      syntax (>= 1.0.0)
    multi_json (1.0.2)
    pygmentize (0.0.3)
<<<<<<< HEAD
    rack (1.2.1)
=======
    rack (1.2.2)
>>>>>>> BAM! Style/CSS Revision Part 1. Hope ya like it. And I've also added a HTML5 fix for IE (Modernizr).
    rdiscount (1.6.8)
    sass (3.1.1)
    sinatra (1.2.6)
      rack (~> 1.1)
      tilt (< 2.0, >= 1.2.2)
    syntax (1.0.0)
    tilt (1.3)

PLATFORMS
  ruby

DEPENDENCIES
  coffee-script
  haml
  jekyll
  pygmentize
  rack (= 1.2.1)
  rdiscount
  sass
  sinatra
